GEM
  remote: https://rubygems.org/
  specs:
    ddtrace (1.0.0.beta1)
      debase-ruby_core_source (<= 0.10.14)
      libddwaf (~> 1.0.14.2.0.a)
      msgpack

PLATFORMS
  x86_64-linux

DEPENDENCIES
  ddtrace
  
RUBY VERSION
   ruby 3.1.0p0
